GEM
  remote: https://rubygems.org/
  specs:
    activemodel (5.0.2)
      activesupport (= 5.0.2)
    activerecord (5.0.2)
      activemodel (= 5.0.2)
      activesupport (= 5.0.2)
      arel (~> 7.0)
    activesupport (5.0.2)
      concurrent-ruby (~> 1.0, >= 1.0.2)
      i18n (~> 0.7)
      minitest (~> 5.1)
      tzinfo (~> 1.1)
    addressable (2.5.0)
      public_suffix (~> 2.0, >= 2.0.2)
    arel (7.1.4)
    composite_primary_keys (9.0.6)
      activerecord (~> 5.0.0)
    concurrent-ruby (1.0.5)
    connection_pool (2.2.1)
    crack (0.4.3)
      safe_yaml (~> 1.0.0)
    cuba (3.8.0)
      rack (>= 1.6.0)
    dotenv (2.2.0)
    factory_girl (4.8.0)
      activesupport (>= 3.0.0)
    hashdiff (0.3.2)
    httpclient (2.8.3)
    i18n (0.8.1)
    interactor (3.1.0)
    minitest (5.10.1)
    pg (0.19.0)
    public_suffix (2.0.5)
    puma (3.8.2)
    que (0.12.1)
    rack (2.0.1)
    rake (12.0.0)
    safe_yaml (1.0.4)
    shotgun (0.9.2)
      rack (>= 1.0)
    thread_safe (0.3.6)
    tilt (2.0.7)
    tzinfo (1.2.3)
      thread_safe (~> 0.1)
    webmock (2.3.2)
      addressable (>= 2.3.6)
      crack (>= 0.3.2)
      hashdiff

PLATFORMS
  ruby

DEPENDENCIES
  activerecord (~> 5.0, >= 5.0.2)
  composite_primary_keys (~> 9.0, >= 9.0.6)
  connection_pool (~> 2.2, >= 2.2.1)
  cuba (~> 3.8)
  dotenv (~> 2.2)
  factory_girl (~> 4.8)
  httpclient (~> 2.8, >= 2.8.3)
  interactor (~> 3.1)
  minitest (~> 5.9)
  pg (~> 0.19.0)
  puma (~> 3.7)
  que (~> 0.12.1)
  rake (~> 12.0)
  shotgun (~> 0.9.2)
  tilt (~> 2.0, >= 2.0.6)
  webmock (~> 2.3, >= 2.3.2)

BUNDLED WITH
   1.13.7
