GEM
  remote: https://rubygems.org/
  specs:
    activemodel (5.0.2)
      activesupport (= 5.0.2)
    activerecord (5.0.2)
      activemodel (= 5.0.2)
      activesupport (= 5.0.2)
      arel (~> 7.0)
    activesupport (5.0.2)
      concurrent-ruby (~> 1.0, >= 1.0.2)
      i18n (~> 0.7)
      minitest (~> 5.1)
      tzinfo (~> 1.1)
    addressable (2.5.0)
      public_suffix (~> 2.0, >= 2.0.2)
    arel (7.1.4)
    concurrent-ruby (1.0.5)
    connection_pool (2.2.1)
    crack (0.4.3)
      safe_yaml (~> 1.0.0)
    dotenv (2.2.0)
    hashdiff (0.3.2)
    httpclient (2.8.3)
    i18n (0.8.1)
    minitest (5.10.1)
    pg (0.19.0)
    public_suffix (2.0.5)
    que (0.12.1)
    rake (12.0.0)
    safe_yaml (1.0.4)
    thread_safe (0.3.6)
    tzinfo (1.2.3)
      thread_safe (~> 0.1)
    webmock (2.3.2)
      addressable (>= 2.3.6)
      crack (>= 0.3.2)
      hashdiff

PLATFORMS
  ruby

DEPENDENCIES
  activerecord (~> 5.0, >= 5.0.2)
  connection_pool (~> 2.2, >= 2.2.1)
  dotenv (~> 2.2)
  httpclient (~> 2.8, >= 2.8.3)
  minitest (~> 5.9)
  pg (~> 0.19.0)
  que (~> 0.12.1)
  rake (~> 12.0)
  webmock (~> 2.3, >= 2.3.2)

BUNDLED WITH
   1.13.7
